GEM
  remote: https://rubygems.org/
  specs:
    ffi (1.16.3)
    hiccdown (0.1.3)
    htmx (0.4.0)
      refinements (~> 11.0)
      zeitwerk (~> 2.6)
    kgio (2.11.4)
    listen (3.8.0)
      rb-fsevent (~> 0.10, >= 0.10.3)
      rb-inotify (~> 0.9, >= 0.9.10)
    rack (3.0.8)
    raindrops (0.20.1)
    rb-fsevent (0.11.2)
    rb-inotify (0.10.1)
      ffi (~> 1.0)
    refinements (11.1.0)
    rerun (0.14.0)
      listen (~> 3.0)
    roda (3.73.0)
      rack
    unicorn (6.1.0)
      kgio (~> 2.6)
      raindrops (~> 0.7)
    zeitwerk (2.6.12)

PLATFORMS
  arm64-darwin-22
  x86_64-linux

DEPENDENCIES
  hiccdown (~> 0.1.3)
  htmx (~> 0.4.0)
  rerun (~> 0.14.0)
  roda (~> 3.73)
  unicorn (~> 6.1)

BUNDLED WITH
   2.4.21
